PATH
  remote: .
  specs:
    collection_filter (0.0.1)

GEM
  remote: https://rubygems.org/
  specs:
    ansi (1.5.0)
    builder (3.2.4)
    error_handling_protocol (0.0.1)
    minitest (5.14.0)
    minitest-reporters (1.4.2)
      ansi
      builder
      minitest (>= 5.0)
      ruby-progressbar
    rake (12.3.3)
    ruby-progressbar (1.10.1)

PLATFORMS
  ruby

DEPENDENCIES
  bundler (~> 2.1.2)
  collection_filter!
  error_handling_protocol (~> 0.0.1)
  minitest (~> 5.14.0)
  minitest-reporters (~> 1.4.2)
  rake (~> 12.3.3)

BUNDLED WITH
   2.1.2
